GEM
  remote: https://rubygems.org/
  specs:
    rfuse (1.1.1)

PLATFORMS
  ruby

DEPENDENCIES
  rfuse

BUNDLED WITH
   1.10.6
